GEM
  remote: https://rubygems.org/
  specs:
    chunky_png (1.2.6)
    kgio (2.7.4)
    mini_magick (3.4)
      subexec (~> 0.2.1)
    rack (1.4.1)
    rack-protection (1.2.0)
      rack
    raindrops (0.10.0)
    redis (3.0.2)
    sinatra (1.3.3)
      rack (~> 1.3, >= 1.3.6)
      rack-protection (~> 1.2)
      tilt (~> 1.3, >= 1.3.3)
    subexec (0.2.2)
    tilt (1.3.3)
    unicorn (4.4.0)
      kgio (~> 2.6)
      rack
      raindrops (~> 0.7)

PLATFORMS
  ruby

DEPENDENCIES
  chunky_png (= 1.2.6)
  mini_magick (= 3.4)
  redis (= 3.0.2)
  sinatra (= 1.3.3)
  unicorn (= 4.4.0)
